GEM
  remote: http://rubygems.org/
  specs:
    backports (3.3.0)
    eventmachine (1.0.3-x86-mingw32)
    jsmin (1.0.1)
    rack (1.5.2)
    rack-protection (1.5.0)
      rack
    rack-test (0.6.2)
      rack (>= 1.0)
    sass (3.2.7)
    sinatra (1.4.2)
      rack (~> 1.5, >= 1.5.2)
      rack-protection (~> 1.4)
      tilt (~> 1.3, >= 1.3.4)
    sinatra-assetpack (0.1.7)
      jsmin
      rack-test
      sinatra
      tilt (>= 1.3.0)
    sinatra-contrib (1.4.0)
      backports (>= 2.0)
      eventmachine
      rack-protection
      rack-test
      sinatra (~> 1.4.2)
      tilt (~> 1.3)
    tilt (1.3.7)

PLATFORMS
  x86-mingw32

DEPENDENCIES
  sass (~> 3.2.5)
  sinatra (~> 1.4.2)
  sinatra-assetpack (~> 0.1.7)
  sinatra-contrib (~> 1.4.0)
